GEM
  remote: https://rubygems.org/
  specs:
    activesupport (4.2.5.1)
      i18n (~> 0.7)
      json (~> 1.7, >= 1.7.7)
      minitest (~> 5.1)
      thread_safe (~> 0.3, >= 0.3.4)
      tzinfo (~> 1.1)
    addressable (2.4.0)
    dotenv (2.1.0)
    faraday (0.9.2)
      multipart-post (>= 1.2, < 3)
    i18n (0.7.0)
    json (1.8.3)
    koala (2.2.0)
      addressable
      faraday
      multi_json
    minitest (5.8.4)
    multi_json (1.11.2)
    multipart-post (2.0.0)
    thread_safe (0.3.5)
    tzinfo (1.2.2)
      thread_safe (~> 0.1)
    yt (0.25.22)
      activesupport

PLATFORMS
  ruby

DEPENDENCIES
  dotenv
  koala
  yt

BUNDLED WITH
   1.11.2
